GEM
  remote: https://rubygems.org/
  specs:
    coderay (1.1.1)
    colorize (0.8.1)
    gene_pool (1.4.1)
      thread_safe
    method_source (0.8.2)
    persistent_http (2.0.2)
      gene_pool (>= 1.3)
    pry (0.10.4)
      coderay (~> 1.1.0)
      method_source (~> 0.8.1)
      slop (~> 3.4)
    slop (3.6.0)
    thread_safe (0.3.6)

PLATFORMS
  ruby

DEPENDENCIES
  colorize
  persistent_http
  pry

BUNDLED WITH
   1.15.4
